GIT
  remote: git://github.com/kyledrake/sinatra-synchrony.git
  revision: 4f713136b5b44604c0b850f69cdbbfc686ef06de
  specs:
    sinatra-synchrony (0.3.2)
      em-http-request (~> 1.0)
      em-resolv-replace (~> 1.1)
      em-synchrony (~> 1.0.1)
      eventmachine (~> 1.0.0.beta.4, < 1.0.0.beta.100)
      rack-fiber_pool (~> 0.9)
      sinatra (~> 1.0)

GEM
  remote: http://rubygems.org/
  specs:
    activesupport (3.2.7)
      i18n (~> 0.6)
      multi_json (~> 1.0)
    addressable (2.3.2)
    builder (3.0.0)
    cookiejar (0.3.0)
    em-http-request (1.0.2)
      addressable (>= 2.2.3)
      cookiejar
      em-socksify
      eventmachine (>= 1.0.0.beta.4)
      http_parser.rb (>= 0.5.3)
    em-resolv-replace (1.1.3)
    em-socksify (0.2.0)
      eventmachine (>= 1.0.0.beta.4)
    em-synchrony (1.0.2)
      eventmachine (>= 1.0.0.beta.1)
    eventmachine (1.0.0.beta.4)
    http_parser.rb (0.5.3)
    httparty (0.8.3)
      multi_json (~> 1.0)
      multi_xml
    i18n (0.6.0)
    jwt (0.1.5)
      multi_json (>= 1.0)
    multi_json (1.3.6)
    multi_xml (0.5.1)
    rack (1.4.1)
    rack-fiber_pool (0.9.2)
    rack-protection (1.2.0)
      rack
    sinatra (1.3.2)
      rack (~> 1.3, >= 1.3.6)
      rack-protection (~> 1.2)
      tilt (~> 1.3, >= 1.3.3)
    tilt (1.3.3)
    twilio-rb (2.2.0)
      activesupport (>= 3.0.0)
      builder (>= 2.1.2)
      httparty (>= 0.6.1)
      i18n (~> 0.5)
      jwt (>= 0.1.3)

PLATFORMS
  ruby

DEPENDENCIES
  bundler
  em-http-request
  em-synchrony
  eventmachine
  sinatra-synchrony!
  twilio-rb
